GEM
  remote: https://rubygems.org/
  specs:
    charlock_holmes (0.7.6)
    diff-lcs (1.3)
    faraday (0.12.2)
      multipart-post (>= 1.2, < 3)
    gemojione (3.3.0)
      json
    github-markup (1.7.0)
    gitlab-gollum-lib (4.2.7.1)
      gemojione (~> 3.2)
      github-markup (~> 1.6)
      gollum-grit_adapter (~> 1.0)
      nokogiri (>= 1.6.1, < 2.0)
      rouge (~> 2.1)
      sanitize (~> 2.1)
      stringex (~> 2.6)
    gitlab-grit (2.8.2)
      charlock_holmes (~> 0.6)
      diff-lcs (~> 1.1)
      mime-types (>= 1.16)
      posix-spawn (~> 0.3)
    gollum (4.1.2)
      gemojione (~> 3.2)
      gollum-lib (>= 4.2.7)
      kramdown (~> 1.9.0)
      mustache (>= 0.99.5, < 1.0.0)
      sinatra (~> 1.4, >= 1.4.4)
      useragent (~> 0.16.2)
    gollum-grit_adapter (1.0.1)
      gitlab-grit (~> 2.7, >= 2.7.1)
    gollum-lib (4.2.7)
      gemojione (~> 3.2)
      github-markup (~> 1.6)
      gollum-grit_adapter (~> 1.0)
      nokogiri (>= 1.6.1, < 2.0)
      rouge (~> 2.1)
      sanitize (~> 2.1)
      stringex (~> 2.6)
    hashie (3.5.7)
    json (2.1.0)
    jwt (1.5.6)
    kramdown (1.9.0)
    mime-types (3.1)
      mime-types-data (~> 3.2015)
    mime-types-data (3.2016.0521)
    mini_portile2 (2.3.0)
    multi_json (1.13.1)
    multi_xml (0.6.0)
    multipart-post (2.0.0)
    mustache (0.99.8)
    nokogiri (1.8.3)
      mini_portile2 (~> 2.3.0)
    oauth2 (1.4.0)
      faraday (>= 0.8, < 0.13)
      jwt (~> 1.0)
      multi_json (~> 1.3)
      multi_xml (~> 0.5)
      rack (>= 1.2, < 3)
    omniauth (1.8.1)
      hashie (>= 3.4.6, < 3.6.0)
      rack (>= 1.6.2, < 3)
    omniauth-google-oauth2 (0.5.3)
      jwt (>= 1.5)
      omniauth (>= 1.1.1)
      omniauth-oauth2 (>= 1.5)
    omniauth-oauth2 (1.5.0)
      oauth2 (~> 1.1)
      omniauth (~> 1.2)
    omnigollum (0.1.5)
      gollum
      mustache (>= 0.99.5)
      omniauth
    posix-spawn (0.3.13)
    rack (1.6.10)
    rack-protection (1.5.5)
      rack
    rouge (2.2.1)
    sanitize (2.1.0)
      nokogiri (>= 1.4.4)
    sinatra (1.4.8)
      rack (~> 1.5)
      rack-protection (~> 1.4)
      tilt (>= 1.3, < 3)
    stringex (2.8.4)
    tilt (2.0.8)
    useragent (0.16.10)

PLATFORMS
  ruby

DEPENDENCIES
  gitlab-gollum-lib
  gollum (~> 4.0, >= 4.0.1)
  omniauth-google-oauth2
  omnigollum
  rack

BUNDLED WITH
   1.16.2
