GEM
  remote: https://rubygems.org/
  specs:
    charlock_holmes (0.7.3)
    diff-lcs (1.3)
    faraday (0.11.0)
      multipart-post (>= 1.2, < 3)
    gemojione (3.2.0)
      json
    github-markdown (0.6.9)
    github-markup (1.6.0)
    gitlab-grit (2.8.1)
      charlock_holmes (~> 0.6)
      diff-lcs (~> 1.1)
      mime-types (>= 1.16, < 3)
      posix-spawn (~> 0.3)
    gollum (4.1.1)
      gemojione (~> 3.2)
      gollum-lib (~> 4.0, >= 4.0.1)
      kramdown (~> 1.9.0)
      mustache (>= 0.99.5, < 1.0.0)
      sinatra (~> 1.4, >= 1.4.4)
      useragent (~> 0.16.2)
    gollum-grit_adapter (1.0.1)
      gitlab-grit (~> 2.7, >= 2.7.1)
    gollum-lib (4.2.5)
      gemojione (~> 3.2)
      github-markup (~> 1.6)
      gollum-grit_adapter (~> 1.0)
      nokogiri (~> 1.6.4)
      rouge (~> 2.0)
      sanitize (~> 2.1)
      stringex (~> 2.6)
    hashie (3.5.5)
    json (2.1.0)
    jwt (1.5.6)
    kramdown (1.9.0)
    mime-types (2.99.3)
    mini_portile2 (2.1.0)
    multi_json (1.12.1)
    multi_xml (0.6.0)
    multipart-post (2.0.0)
    mustache (0.99.8)
    nokogiri (1.6.8.1)
      mini_portile2 (~> 2.1.0)
    oauth2 (1.3.1)
      faraday (>= 0.8, < 0.12)
      jwt (~> 1.0)
      multi_json (~> 1.3)
      multi_xml (~> 0.5)
      rack (>= 1.2, < 3)
    omniauth (1.6.1)
      hashie (>= 3.4.6, < 3.6.0)
      rack (>= 1.6.2, < 3)
    omniauth-google-oauth2 (0.4.1)
      jwt (~> 1.5.2)
      multi_json (~> 1.3)
      omniauth (>= 1.1.1)
      omniauth-oauth2 (>= 1.3.1)
    omniauth-oauth2 (1.4.0)
      oauth2 (~> 1.0)
      omniauth (~> 1.2)
    omnigollum (0.1.5)
      gollum
      mustache (>= 0.99.5)
      omniauth
    posix-spawn (0.3.13)
    rack (1.6.5)
    rack-protection (1.5.3)
      rack
    rouge (2.0.7)
    sanitize (2.1.0)
      nokogiri (>= 1.4.4)
    sinatra (1.4.8)
      rack (~> 1.5)
      rack-protection (~> 1.4)
      tilt (>= 1.3, < 3)
    stringex (2.7.1)
    tilt (2.0.7)
    useragent (0.16.8)

PLATFORMS
  ruby

DEPENDENCIES
  github-markdown
  omniauth-google-oauth2
  omnigollum
  rack

BUNDLED WITH
   1.14.6
